GIT
  remote: https://bitbucket.org/harupong/ripdiko.git
  revision: baf39ca74ba46a7d8a874f168f9ae112cf6ad350
  branch: ripdiko-jpradio
  specs:
    ripdiko (0.3.0)

PATH
  remote: .
  specs:
    rudika (0.1.0)
      ripdiru (>= 0.2.0)
      thor
      whenever

GEM
  remote: https://rubygems.org/
  specs:
    activesupport (4.0.1)
      i18n (~> 0.6, >= 0.6.4)
      minitest (~> 4.2)
      multi_json (~> 1.3)
      thread_safe (~> 0.1)
      tzinfo (~> 0.3.37)
    atomic (1.1.14)
    chronic (0.10.2)
    i18n (0.6.5)
    minitest (4.7.5)
    multi_json (1.8.2)
    rake (10.1.0)
    ripdiru (0.2.0)
    thor (0.18.1)
    thread_safe (0.1.3)
      atomic
    tzinfo (0.3.38)
    whenever (0.8.4)
      activesupport (>= 2.3.4)
      chronic (>= 0.6.3)

PLATFORMS
  ruby

DEPENDENCIES
  bundler (~> 1.3)
  minitest
  rake
  ripdiko!
  rudika!
