GIT
  remote: https://github.com/miyagawa/ripdiko.git
  revision: 80a99d1f174c37b1cf25d406173e0d79ffee84a7
  specs:
    ripdiko (0.2.0)
      nokogiri

GEM
  remote: https://rubygems.org/
  specs:
    activesupport (4.0.1)
      i18n (~> 0.6, >= 0.6.4)
      minitest (~> 4.2)
      multi_json (~> 1.3)
      thread_safe (~> 0.1)
      tzinfo (~> 0.3.37)
    atomic (1.1.14)
    chronic (0.10.2)
    i18n (0.6.5)
    mini_portile (0.5.2)
    minitest (4.7.5)
    multi_json (1.8.2)
    nokogiri (1.6.0)
      mini_portile (~> 0.5.0)
    ripdiru (0.1.2)
    thor (0.18.1)
    thread_safe (0.1.3)
      atomic
    tzinfo (0.3.38)
    whenever (0.8.4)
      activesupport (>= 2.3.4)
      chronic (>= 0.6.3)

PLATFORMS
  ruby

DEPENDENCIES
  ripdiko!
  ripdiru
  thor
  whenever
